GEM
  remote: https://rubygems.org/
  specs:
    colorize (0.7.7)
    mail (2.6.3)
      mime-types (>= 1.16, < 3)
    mime-types (2.4.3)
    pony (1.11)
      mail (>= 2.0)
    ruby-opencv (0.0.14)

PLATFORMS
  ruby

DEPENDENCIES
  colorize (~> 0.7.7)
  pony (~> 1.11)
  ruby-opencv (~> 0.0.14)
